PATH
  remote: .
  specs:
    ipa (0.1.1)
      rubyzip (~> 0.9.4)
      sj-plist

GEM
  remote: http://rubygems.org/
  specs:
    rake (0.9.2)
    rubyzip (0.9.4)
    sj-plist (3.2)

PLATFORMS
  ruby

DEPENDENCIES
  bundler (>= 1.0.0)
  ipa!
  rake
  sj-plist
