PATH
  remote: .
  specs:
    ipa (0.1.2)
      CFPropertyList (~> 2.2.0)
      rubyzip (~> 0.9.4)

GEM
  remote: http://rubygems.org/
  specs:
    CFPropertyList (2.2.0)
    rake (0.9.2)
    rubyzip (0.9.9)

PLATFORMS
  ruby

DEPENDENCIES
  CFPropertyList (~> 2.2.0)
  bundler (>= 1.0.0)
  ipa!
  rake
